ObjectType = Image
NDims = 3
BinaryData = True
BinaryDataByteOrderMSB = False
CompressedData = False
TransformMatrix = 1  0  0  0  1  0  0  0  1
CenterOfRotation = 0  0  0
AnatomicalOrientation = RAI
Offset = 33.3984      60.8594         19.8
ElementSpacing = 0.74219     0.74219         0.9
DimSize = 166  124  204
ElementNumberOfChannels = 1
Author = KingsCollegeLondon
Project = 3DHeart
ElementType = MET_UCHAR
ElementDataFile = heart_phantom.raw
